PATH
  remote: .
  specs:
    opencc-rb (1.0.1)

GEM
  remote: https://rubygems.org/
  specs:
    minitest (5.14.4)
    rake (13.0.3)
    rake-compiler (1.1.1)
      rake

PLATFORMS
  ruby

DEPENDENCIES
  minitest (~> 5.14, >= 5.14.3)
  opencc-rb!
  rake (~> 13.0)
  rake-compiler

BUNDLED WITH
   2.2.16
