PATH
  remote: .
  specs:
    opencc-rb (0.1.2)

GEM
  remote: https://rubygems.org/
  specs:
    minitest (5.14.1)
    rake (12.3.3)
    rake-compiler (1.1.1)
      rake

PLATFORMS
  ruby

DEPENDENCIES
  minitest (~> 5.0)
  opencc-rb!
  rake (~> 12.0)
  rake-compiler

BUNDLED WITH
   2.1.4
